GIT
  remote: https://github.com/sass/sassc-ruby.git
  revision: 4fce2b635ca5d616a8b1381c64846410bc785ea4
  specs:
    sassc (2.4.0)
      ffi (~> 1.9)

GEM
  remote: https://rubygems.org/
  specs:
    actioncable (6.1.4.4)
      actionpack (= 6.1.4.4)
      activesupport (= 6.1.4.4)
      nio4r (~> 2.0)
      websocket-driver (>= 0.6.1)
    actionmailbox (6.1.4.4)
      actionpack (= 6.1.4.4)
      activejob (= 6.1.4.4)
      activerecord (= 6.1.4.4)
      activestorage (= 6.1.4.4)
      activesupport (= 6.1.4.4)
      mail (>= 2.7.1)
    actionmailer (6.1.4.4)
      actionpack (= 6.1.4.4)
      actionview (= 6.1.4.4)
      activejob (= 6.1.4.4)
      activesupport (= 6.1.4.4)
      mail (~> 2.5, >= 2.5.4)
      rails-dom-testing (~> 2.0)
    actionpack (6.1.4.4)
      actionview (= 6.1.4.4)
      activesupport (= 6.1.4.4)
      rack (~> 2.0, >= 2.0.9)
      rack-test (>= 0.6.3)
      rails-dom-testing (~> 2.0)
      rails-html-sanitizer (~> 1.0, >= 1.2.0)
    actiontext (6.1.4.4)
      actionpack (= 6.1.4.4)
      activerecord (= 6.1.4.4)
      activestorage (= 6.1.4.4)
      activesupport (= 6.1.4.4)
      nokogiri (>= 1.8.5)
    actionview (6.1.4.4)
      activesupport (= 6.1.4.4)
      builder (~> 3.1)
      erubi (~> 1.4)
      rails-dom-testing (~> 2.0)
      rails-html-sanitizer (~> 1.1, >= 1.2.0)
    active_storage_validations (0.9.5)
      rails (>= 5.2.0)
    activejob (6.1.4.4)
      activesupport (= 6.1.4.4)
      globalid (>= 0.3.6)
    activemerchant (1.125.0)
      activesupport (>= 4.2)
      builder (>= 2.1.2, < 4.0.0)
      i18n (>= 0.6.9)
      nokogiri (~> 1.4)
    activemodel (6.1.4.4)
      activesupport (= 6.1.4.4)
    activerecord (6.1.4.4)
      activemodel (= 6.1.4.4)
      activesupport (= 6.1.4.4)
    activerecord-nulldb-adapter (0.8.0)
      activerecord (>= 5.2.0, < 7.1)
    activerecord-typedstore (1.4.0)
      activerecord (>= 5.2)
    activestorage (6.1.4.4)
      actionpack (= 6.1.4.4)
      activejob (= 6.1.4.4)
      activerecord (= 6.1.4.4)
      activesupport (= 6.1.4.4)
      marcel (~> 1.0.0)
      mini_mime (>= 1.1.0)
    activesupport (6.1.4.4)
      concurrent-ruby (~> 1.0, >= 1.0.2)
      i18n (>= 1.6, < 2)
      minitest (>= 5.1)
      tzinfo (~> 2.0)
      zeitwerk (~> 2.3)
    acts_as_list (1.0.4)
      activerecord (>= 4.2)
    addressable (2.8.0)
      public_suffix (>= 2.0.2, < 5.0)
    appraisal (2.4.1)
      bundler
      rake
      thor (>= 0.14.0)
    ast (2.4.2)
    async (1.30.1)
      console (~> 1.10)
      nio4r (~> 2.3)
      timers (~> 4.1)
    async-http (0.56.5)
      async (>= 1.25)
      async-io (>= 1.28)
      async-pool (>= 0.2)
      protocol-http (~> 0.22.0)
      protocol-http1 (~> 0.14.0)
      protocol-http2 (~> 0.14.0)
    async-http-faraday (0.11.0)
      async-http (~> 0.42)
      faraday
    async-io (1.32.2)
      async
    async-pool (0.3.9)
      async (>= 1.25)
    auto_strip_attributes (2.6.0)
      activerecord (>= 4.0)
    autoprefixer-rails (10.4.2.0)
      execjs (~> 2)
    awesome_nested_set (3.4.0)
      activerecord (>= 4.0.0, < 7.0)
    awesome_print (1.9.2)
    aws-eventstream (1.2.0)
    aws-partitions (1.550.0)
    aws-sdk-core (3.125.5)
      aws-eventstream (~> 1, >= 1.0.2)
      aws-partitions (~> 1, >= 1.525.0)
      aws-sigv4 (~> 1.1)
      jmespath (~> 1.0)
    aws-sdk-kms (1.53.0)
      aws-sdk-core (~> 3, >= 3.125.0)
      aws-sigv4 (~> 1.1)
    aws-sdk-s3 (1.111.3)
      aws-sdk-core (~> 3, >= 3.125.0)
      aws-sdk-kms (~> 1)
      aws-sigv4 (~> 1.4)
    aws-sigv4 (1.4.0)
      aws-eventstream (~> 1, >= 1.0.2)
    babel-source (5.8.35)
    babel-transpiler (0.7.0)
      babel-source (>= 4.0, < 6)
      execjs (~> 2.0)
    bcrypt (3.1.16)
    bindex (0.8.1)
    bootsnap (1.10.2)
      msgpack (~> 1.2)
    bootstrap (4.6.1)
      autoprefixer-rails (>= 9.1.0)
      popper_js (>= 1.14.3, < 2)
      sassc-rails (>= 2.0.0)
    builder (3.2.4)
    bullet (7.0.1)
      activesupport (>= 3.0.0)
      uniform_notifier (~> 1.11)
    cancancan (3.3.0)
    capybara (3.36.0)
      addressable
      matrix
      mini_mime (>= 0.1.3)
      nokogiri (~> 1.8)
      rack (>= 1.6.0)
      rack-test (>= 0.6.3)
      regexp_parser (>= 1.5, < 3.0)
      xpath (~> 3.2)
    capybara-screenshot (1.0.26)
      capybara (>= 1.0, < 4)
      launchy
    capybara-select-2 (0.5.1)
    carmen (1.1.3)
      activesupport (>= 3.0.0)
    childprocess (4.1.0)
    coderay (1.1.3)
    concurrent-ruby (1.1.9)
    connection_pool (2.2.5)
    console (1.14.0)
      fiber-local
    crack (0.4.5)
      rexml
    crass (1.0.6)
    dalli (3.2.0)
    database_cleaner (2.0.1)
      database_cleaner-active_record (~> 2.0.0)
    database_cleaner-active_record (2.0.1)
      activerecord (>= 5.a)
      database_cleaner-core (~> 2.0.0)
    database_cleaner-core (2.0.1)
    devise (4.8.1)
      bcrypt (~> 3.0)
      orm_adapter (~> 0.1)
      railties (>= 4.1.0)
      responders
      warden (~> 1.2.3)
    devise-encryptable (0.2.0)
      devise (>= 2.1.0)
    diff-lcs (1.5.0)
    docile (1.4.0)
    doorkeeper (5.5.4)
      railties (>= 5)
    dotenv (2.7.6)
    dotenv-rails (2.7.6)
      dotenv (= 2.7.6)
      railties (>= 3.2)
    erubi (1.10.0)
    execjs (2.8.1)
    factory_bot (4.11.1)
      activesupport (>= 3.0.0)
    faraday (1.9.3)
      faraday-em_http (~> 1.0)
      faraday-em_synchrony (~> 1.0)
      faraday-excon (~> 1.1)
      faraday-httpclient (~> 1.0)
      faraday-multipart (~> 1.0)
      faraday-net_http (~> 1.0)
      faraday-net_http_persistent (~> 1.0)
      faraday-patron (~> 1.0)
      faraday-rack (~> 1.0)
      faraday-retry (~> 1.0)
      ruby2_keywords (>= 0.0.4)
    faraday-em_http (1.0.0)
    faraday-em_synchrony (1.0.0)
    faraday-excon (1.1.0)
    faraday-http-cache (2.2.0)
      faraday (>= 0.8)
    faraday-httpclient (1.0.1)
    faraday-multipart (1.0.3)
      multipart-post (>= 1.2, < 3)
    faraday-net_http (1.0.1)
    faraday-net_http_persistent (1.2.0)
    faraday-patron (1.0.0)
    faraday-rack (1.0.0)
    faraday-retry (1.0.3)
    ffaker (2.20.0)
    ffi (1.15.5)
    fiber-local (1.0.0)
    flamegraph (0.9.5)
    flatpickr (4.6.6.0)
    font_assets (0.1.14)
      rack
    friendly_id (5.4.2)
      activerecord (>= 4.0.0)
    gem-release (2.2.2)
    github_changelog_generator (1.16.4)
      activesupport
      async (>= 1.25.0)
      async-http-faraday
      faraday-http-cache
      multi_json
      octokit (~> 4.6)
      rainbow (>= 2.2.1)
      rake (>= 10.0)
    globalid (1.0.0)
      activesupport (>= 5.0)
    glyphicons (1.0.2)
    hashdiff (1.0.1)
    highline (2.0.3)
    hotwire-rails (0.1.3)
      rails (>= 6.0.0)
      stimulus-rails
      turbo-rails
    i18n (1.8.11)
      concurrent-ruby (~> 1.0)
    i18n_data (0.15.0)
      simple_po_parser (~> 1.1)
    image_processing (1.12.2)
      mini_magick (>= 4.9.5, < 5)
      ruby-vips (>= 2.0.17, < 3)
    inline_svg (1.8.0)
      activesupport (>= 3.0)
      nokogiri (>= 1.6)
    jmespath (1.5.0)
    jquery-rails (4.4.0)
      rails-dom-testing (>= 1, < 3)
      railties (>= 4.2.0)
      thor (>= 0.14, < 2.0)
    jquery-ui-rails (6.0.1)
      railties (>= 3.2.16)
    jsbundling-rails (1.0.0)
      railties (>= 6.0.0)
    jsonapi-rspec (0.0.11)
      rspec-core
      rspec-expectations
    jsonapi-serializer (2.2.0)
      activesupport (>= 4.2)
    kaminari (1.2.2)
      activesupport (>= 4.1.0)
      kaminari-actionview (= 1.2.2)
      kaminari-activerecord (= 1.2.2)
      kaminari-core (= 1.2.2)
    kaminari-actionview (1.2.2)
      actionview
      kaminari-core (= 1.2.2)
    kaminari-activerecord (1.2.2)
      activerecord
      kaminari-core (= 1.2.2)
    kaminari-core (1.2.2)
    kaminari-i18n (0.5.0)
      kaminari
      rails
    launchy (2.5.0)
      addressable (~> 2.7)
    letter_opener (1.7.0)
      launchy (~> 2.2)
    listen (3.7.1)
      rb-fsevent (~> 0.10, >= 0.10.3)
      rb-inotify (~> 0.9, >= 0.9.10)
    loofah (2.13.0)
      crass (~> 1.0.2)
      nokogiri (>= 1.5.9)
    mail (2.7.1)
      mini_mime (>= 0.1.1)
    marcel (1.0.2)
    matrix (0.4.2)
    memory_profiler (1.0.0)
    method_source (1.0.0)
    mini_magick (4.11.0)
    mini_mime (1.1.2)
    mini_portile2 (2.8.0)
    minitest (5.15.0)
    monetize (1.12.0)
      money (~> 6.12)
    money (6.16.0)
      i18n (>= 0.6.4, <= 2)
    msgpack (1.4.4)
    multi_json (1.15.0)
    multipart-post (2.1.1)
    nio4r (2.5.8)
    nokogiri (1.13.3)
      mini_portile2 (~> 2.8.0)
      racc (~> 1.4)
    octokit (4.22.0)
      faraday (>= 0.9)
      sawyer (~> 0.8.0, >= 0.5.3)
    oj (3.13.11)
    orm_adapter (0.5.0)
    parallel (1.21.0)
    paranoia (2.5.0)
      activerecord (>= 5.1, < 7.1)
    parser (3.1.0.0)
      ast (~> 2.4.1)
    pg (1.3.0)
    popper_js (1.16.0)
    protocol-hpack (1.4.2)
    protocol-http (0.22.5)
    protocol-http1 (0.14.2)
      protocol-http (~> 0.22)
    protocol-http2 (0.14.2)
      protocol-hpack (~> 1.4)
      protocol-http (~> 0.18)
    pry (0.14.1)
      coderay (~> 1.1)
      method_source (~> 1.0)
    public_suffix (4.0.6)
    puma (5.6.2)
      nio4r (~> 2.0)
    rabl (0.15.0)
      activesupport (>= 2.3.14)
    racc (1.6.0)
    rack (2.2.3)
    rack-cache (1.13.0)
      rack (>= 0.4)
    rack-cors (1.1.1)
      rack (>= 2.0.0)
    rack-mini-profiler (2.3.3)
      rack (>= 1.2.0)
    rack-test (1.1.0)
      rack (>= 1.0, < 3)
    rack-timeout (0.6.0)
    rails (6.1.4.4)
      actioncable (= 6.1.4.4)
      actionmailbox (= 6.1.4.4)
      actionmailer (= 6.1.4.4)
      actionpack (= 6.1.4.4)
      actiontext (= 6.1.4.4)
      actionview (= 6.1.4.4)
      activejob (= 6.1.4.4)
      activemodel (= 6.1.4.4)
      activerecord (= 6.1.4.4)
      activestorage (= 6.1.4.4)
      activesupport (= 6.1.4.4)
      bundler (>= 1.15.0)
      railties (= 6.1.4.4)
      sprockets-rails (>= 2.0.0)
    rails-controller-testing (1.0.5)
      actionpack (>= 5.0.1.rc1)
      actionview (>= 5.0.1.rc1)
      activesupport (>= 5.0.1.rc1)
    rails-dom-testing (2.0.3)
      activesupport (>= 4.2.0)
      nokogiri (>= 1.6)
    rails-html-sanitizer (1.4.2)
      loofah (~> 2.3)
    rails-i18n (7.0.1)
      i18n (>= 0.7, < 2)
      railties (>= 6.0.0, < 8)
    railties (6.1.4.4)
      actionpack (= 6.1.4.4)
      activesupport (= 6.1.4.4)
      method_source
      rake (>= 0.13)
      thor (~> 1.0)
    rainbow (3.1.1)
    rake (13.0.6)
    ransack (2.5.0)
      activerecord (>= 5.2.4)
      activesupport (>= 5.2.4)
      i18n
    rb-fsevent (0.11.0)
    rb-inotify (0.10.1)
      ffi (~> 1.0)
    redis (4.5.1)
    regexp_parser (2.2.0)
    remote_syslog_logger (1.0.4)
      syslog_protocol
    responders (3.0.1)
      actionpack (>= 5.0)
      railties (>= 5.0)
    rexml (3.2.5)
    rspec-activemodel-mocks (1.1.0)
      activemodel (>= 3.0)
      activesupport (>= 3.0)
      rspec-mocks (>= 2.99, < 4.0)
    rspec-core (3.10.1)
      rspec-support (~> 3.10.0)
    rspec-expectations (3.10.2)
      diff-lcs (>= 1.2.0, < 2.0)
      rspec-support (~> 3.10.0)
    rspec-mocks (3.10.2)
      diff-lcs (>= 1.2.0, < 2.0)
      rspec-support (~> 3.10.0)
    rspec-rails (4.1.2)
      actionpack (>= 4.2)
      activesupport (>= 4.2)
      railties (>= 4.2)
      rspec-core (~> 3.10)
      rspec-expectations (~> 3.10)
      rspec-mocks (~> 3.10)
      rspec-support (~> 3.10)
    rspec-retry (0.6.2)
      rspec-core (> 3.3)
    rspec-support (3.10.3)
    rspec_junit_formatter (0.5.1)
      rspec-core (>= 2, < 4, != 2.12.0)
    rubocop (1.25.0)
      parallel (~> 1.10)
      parser (>= 3.1.0.0)
      rainbow (>= 2.2.2, < 4.0)
      regexp_parser (>= 1.8, < 3.0)
      rexml
      rubocop-ast (>= 1.15.1, < 2.0)
      ruby-progressbar (~> 1.7)
      unicode-display_width (>= 1.4.0, < 3.0)
    rubocop-ast (1.15.1)
      parser (>= 3.0.1.1)
    rubocop-rails (2.13.2)
      activesupport (>= 4.2.0)
      rack (>= 1.1)
      rubocop (>= 1.7.0, < 2.0)
    ruby-progressbar (1.11.0)
    ruby-vips (2.1.4)
      ffi (~> 1.12)
    ruby2_keywords (0.0.5)
    ruby_http_client (3.5.3)
    rubyzip (2.3.2)
    sass-rails (6.0.0)
      sassc-rails (~> 2.1, >= 2.1.1)
    sassc-rails (2.1.2)
      railties (>= 4.0.0)
      sassc (>= 2.0)
      sprockets (> 3.0)
      sprockets-rails
      tilt
    sawyer (0.8.2)
      addressable (>= 2.3.5)
      faraday (> 0.8, < 2.0)
    scout_apm (5.1.1)
      parser
    select2-rails (4.0.13)
    selenium-webdriver (4.1.0)
      childprocess (>= 0.5, < 5.0)
      rexml (~> 3.2, >= 3.2.5)
      rubyzip (>= 1.2.2)
    sendgrid-actionmailer (3.2.0)
      mail (~> 2.7)
      sendgrid-ruby (~> 6.4)
    sendgrid-ruby (6.6.0)
      ruby_http_client (~> 3.4)
    sentry-raven (3.1.2)
      faraday (>= 1.0)
    sidekiq (6.4.0)
      connection_pool (>= 2.2.2)
      rack (~> 2.0)
      redis (>= 4.2.0)
    simple_po_parser (1.1.5)
    simplecov (0.21.2)
      docile (~> 1.1)
      simplecov-html (~> 0.11)
      simplecov_json_formatter (~> 0.1)
    simplecov-html (0.12.3)
    simplecov_json_formatter (0.1.3)
    spree (4.4.0)
      spree_api (= 4.4.0)
      spree_cli (= 4.4.0)
      spree_core (= 4.4.0)
    spree_api (4.4.0)
      bcrypt (~> 3.1)
      doorkeeper (~> 5.3)
      jsonapi-serializer (~> 2.1)
      rabl (~> 0.14, >= 0.14.2)
      responders
      spree_core (= 4.4.0)
    spree_auth_devise (4.4.2)
      devise (~> 4.7)
      devise-encryptable (= 0.2.0)
      spree_core (>= 4.3.0.rc1)
      spree_extension
    spree_backend (4.4.0)
      babel-transpiler (~> 0.7)
      bootstrap (~> 4.0)
      flatpickr (~> 4.6)
      glyphicons (~> 1.0)
      hotwire-rails
      inline_svg (~> 1.5)
      jquery-rails (~> 4.3)
      jquery-ui-rails (~> 6.0)
      jsbundling-rails
      responders
      sass-rails (>= 5)
      select2-rails (~> 4.0)
      spree (>= 4.4.0.rc1)
      sprockets (~> 4.0)
      tinymce-rails
    spree_cli (4.4.0)
      thor (~> 1.0)
    spree_core (4.4.0)
      actionpack (>= 5.2)
      actionview (>= 5.2)
      active_storage_validations (~> 0.9, <= 0.9.5)
      activejob (>= 5.2)
      activemerchant (~> 1.67)
      activemodel (>= 5.2)
      activerecord (>= 5.2)
      activerecord-typedstore
      activestorage (>= 5.2)
      activesupport (>= 5.2)
      acts_as_list (>= 0.8)
      auto_strip_attributes (~> 2.6)
      awesome_nested_set (~> 3.3, >= 3.3.1)
      cancancan (~> 3.2)
      carmen (>= 1.0)
      friendly_id (~> 5.2, >= 5.2.1)
      highline (~> 2.0)
      image_processing (~> 1.2)
      kaminari (~> 1.2)
      mini_magick (~> 4.9, >= 4.9.4)
      monetize (~> 1.9)
      money (~> 6.13)
      paranoia (~> 2.4)
      railties (>= 5.2)
      ransack (~> 2.3)
      rexml
      state_machines-activemodel (~> 0.7)
      state_machines-activerecord (~> 0.6)
      stringex
      validates_zipcode
    spree_dev_tools (0.2.0)
      appraisal
      awesome_print
      capybara
      capybara-screenshot
      capybara-select-2
      database_cleaner
      factory_bot (~> 4.7)
      ffaker
      gem-release
      github_changelog_generator
      jsonapi-rspec
      pry
      puma
      rails-controller-testing
      redis
      rspec-activemodel-mocks
      rspec-rails (~> 4.0)
      rspec-retry
      rspec_junit_formatter (~> 0.4)
      rubocop
      rubocop-rails
      sass-rails
      selenium-webdriver
      simplecov
      spree_core
      timecop
      webdrivers (~> 4.3)
    spree_emails (4.4.0)
      actionmailer
      spree_core (>= 4.4.0)
      sprockets (>= 4.0)
    spree_extension (0.0.9)
      activerecord (>= 4.2)
      spree_core
    spree_gateway (3.9.4)
      spree_core (>= 3.7.0)
      spree_extension
    spree_i18n (5.0.1)
      i18n_data
      kaminari-i18n
      rails-i18n
      spree_core (>= 4.2.0.rc3, < 5.0)
      spree_extension
    spree_sample (4.4.0)
      ffaker (~> 2.9)
      spree_core (>= 4.4.0)
    spring (4.0.0)
    sprockets (4.0.2)
      concurrent-ruby (~> 1.0)
      rack (> 1, < 3)
    sprockets-rails (3.4.2)
      actionpack (>= 5.2)
      activesupport (>= 5.2)
      sprockets (>= 3.0.0)
    stackprof (0.2.17)
    state_machines (0.5.0)
    state_machines-activemodel (0.8.0)
      activemodel (>= 5.1)
      state_machines (>= 0.5.0)
    state_machines-activerecord (0.8.0)
      activerecord (>= 5.1)
      state_machines-activemodel (>= 0.8.0)
    stimulus-rails (1.0.2)
      railties (>= 6.0.0)
    stringex (2.8.5)
    syslog_protocol (0.9.2)
    terser (1.1.8)
      execjs (>= 0.3.0, < 3)
    thor (1.2.1)
    tilt (2.0.10)
    timecop (0.9.4)
    timers (4.3.3)
    tinymce-rails (5.10.2)
      railties (>= 3.1.1)
    turbo-rails (1.0.1)
      actionpack (>= 6.0.0)
      railties (>= 6.0.0)
    tzinfo (2.0.4)
      concurrent-ruby (~> 1.0)
    unicode-display_width (2.1.0)
    uniform_notifier (1.14.2)
    validates_zipcode (0.5.0)
      activemodel (>= 4.2.0)
    vcr (6.0.0)
    warden (1.2.9)
      rack (>= 2.0.9)
    web-console (4.2.0)
      actionview (>= 6.0.0)
      activemodel (>= 6.0.0)
      bindex (>= 0.4.0)
      railties (>= 6.0.0)
    webdrivers (4.7.0)
      nokogiri (~> 1.6)
      rubyzip (>= 1.3.0)
      selenium-webdriver (> 3.141, < 5.0)
    webmock (3.14.0)
      addressable (>= 2.8.0)
      crack (>= 0.3.2)
      hashdiff (>= 0.4.0, < 2.0.0)
    websocket-driver (0.7.5)
      websocket-extensions (>= 0.1.0)
    websocket-extensions (0.1.5)
    xpath (3.2.0)
      nokogiri (~> 1.8)
    zeitwerk (2.5.3)

PLATFORMS
  ruby

DEPENDENCIES
  activerecord-nulldb-adapter
  awesome_print
  aws-sdk-s3
  bootsnap
  bullet
  dalli
  dotenv-rails (~> 2.1, >= 2.1.1)
  flamegraph
  font_assets
  letter_opener
  listen
  memory_profiler
  oj
  pg
  puma
  rack-cache
  rack-cors
  rack-mini-profiler
  rack-timeout
  rails (~> 6.1.4)
  remote_syslog_logger
  rspec_junit_formatter
  sass-rails
  sassc!
  scout_apm
  sendgrid-actionmailer
  sentry-raven
  sidekiq
  spree (>= 4.4.0)
  spree_auth_devise
  spree_backend (>= 4.4.0)
  spree_dev_tools
  spree_emails (>= 4.4.0)
  spree_gateway
  spree_i18n (>= 5.0)
  spree_sample (>= 4.4.0)
  spring
  stackprof
  terser
  vcr
  web-console (~> 4.0)
  webmock

RUBY VERSION
   ruby 3.0.3p157

BUNDLED WITH
   2.2.32
